PATH
  remote: .
  specs:
    exfuz (0.1.0)

GEM
  remote: https://rubygems.org/
  specs:
    curses (1.4.4)
    diff-lcs (1.5.0)
    rake (13.0.3)
    rspec (3.11.0)
      rspec-core (~> 3.11.0)
      rspec-expectations (~> 3.11.0)
      rspec-mocks (~> 3.11.0)
    rspec-core (3.11.0)
      rspec-support (~> 3.11.0)
    rspec-expectations (3.11.0)
      diff-lcs (>= 1.2.0, < 2.0)
      rspec-support (~> 3.11.0)
    rspec-mocks (3.11.0)
      diff-lcs (>= 1.2.0, < 2.0)
      rspec-support (~> 3.11.0)
    rspec-support (3.11.0)
    rubyzip (2.3.2)
    unicode-display_width (2.3.0)
    xsv (1.1.1)
      rubyzip (>= 1.3, < 3)

PLATFORMS
  x86_64-darwin-19

DEPENDENCIES
  curses
  exfuz!
  rake (~> 13.0)
  rspec (~> 3.0)
  unicode-display_width
  xsv

BUNDLED WITH
   2.2.24
